

GROUP Build
NUGET
  remote: http://www.nuget.org/api/v2
    FAKE (4.39.1)
GITHUB
  remote: xyncro/build
    build.fsx (11ad497d50e7b5071bea53cde53b3cfe4b113793)
GROUP Common
NUGET
  remote: http://www.nuget.org/api/v2
    Aether (8.1.2)
    Anat (1.0)
    Hekate (3.2)
      Aether (>= 8.0.2 < 9.0)

GROUP Hopac
NUGET
  remote: http://www.nuget.org/api/v2
    Hopac (0.3.15)
