NUGET
  remote: http://www.nuget.org/api/v2
  specs:
    Aether (8.0.2)
    Hekate (3.0.0)
      Aether (>= 8.0.2 < 9.0.0)

GROUP Build
NUGET
  remote: http://www.nuget.org/api/v2
  specs:
    FAKE (4.14.2)
GITHUB
  remote: xyncro/build
  specs:
    build.fsx (df00f36d1aa5722ff7bfe7945999efe53506653c)
GROUP Test
FRAMEWORK: >= NET45
NUGET
  remote: http://www.nuget.org/api/v2
  specs:
    Unquote (3.1.0)
    xunit (2.1.0)
      xunit.assert (2.1.0)
      xunit.core (2.1.0)
    xunit.abstractions (2.0.0)
    xunit.assert (2.1.0)
    xunit.core (2.1.0)
      xunit.extensibility.core (2.1.0)
      xunit.extensibility.execution (2.1.0)
    xunit.extensibility.core (2.1.0)
      xunit.abstractions (2.0.0)
    xunit.extensibility.execution (2.1.0)
      xunit.extensibility.core (2.1.0)
    xunit.runner.console (2.1.0)
